GEM
  remote: https://rubygems.org/
  specs:
    activesupport (3.2.9)
      i18n (~> 0.6)
      multi_json (~> 1.0)
    curb (0.8.3)
    hpricot (0.8.6)
    i18n (0.6.1)
    json (1.7.5)
    kgio (2.8.1)
    multi_json (1.3.7)
    nokogiri (1.5.5)
    rack (1.4.1)
    rack-protection (1.2.0)
      rack
    raindrops (0.12.0)
    redis (3.0.2)
    sequel (3.41.0)
    sinatra (1.3.3)
      rack (~> 1.3, >= 1.3.6)
      rack-protection (~> 1.2)
      tilt (~> 1.3, >= 1.3.3)
    tilt (1.3.3)
    unicode_utils (1.4.0)
    unicorn (4.8.1)
      kgio (~> 2.6)
      rack
      raindrops (~> 0.7)

PLATFORMS
  ruby

DEPENDENCIES
  activesupport
  curb
  hpricot
  i18n
  json
  nokogiri
  redis
  sequel
  sinatra
  unicode_utils
  unicorn
